GEM
  remote: http://rubygems.org/
  specs:
    RedCloth (4.2.9)
    addressable (2.2.7)
    albino (1.3.3)
      posix-spawn (>= 0.3.6)
    bson (1.6.2)
    bson_ext (1.6.2)
      bson (~> 1.6.2)
    classifier (1.3.3)
      fast-stemmer (>= 1.0.0)
    daemons (1.1.8)
    directory_watcher (1.4.1)
    em-websocket (0.3.6)
      addressable (>= 2.1.1)
      eventmachine (>= 0.12.9)
    eventmachine (0.12.10)
    fast-stemmer (1.0.1)
    ffi (1.0.11)
    guard (1.0.1)
      ffi (>= 0.5.0)
      thor (~> 0.14.6)
    guard-livereload (0.4.2)
      em-websocket (>= 0.2.0)
      guard (>= 0.10.0)
      multi_json (~> 1.0)
    jekyll (0.11.0)
      albino (>= 1.3.2)
      classifier (>= 1.3.1)
      directory_watcher (>= 1.1.1)
      kramdown (>= 0.13.2)
      liquid (>= 1.9.0)
      maruku (>= 0.5.9)
    json (1.6.6)
    kramdown (0.13.5)
    liquid (2.2.2)
    maruku (0.6.0)
      syntax (>= 1.0.0)
    mongo (1.6.2)
      bson (~> 1.6.2)
    multi_json (1.3.2)
    posix-spawn (0.3.6)
    rack (1.4.1)
    rack-protection (1.2.0)
      rack
    rake (0.9.2.2)
    rb-fsevent (0.9.1)
    rdiscount (1.6.8)
    sinatra (1.3.2)
      rack (~> 1.3, >= 1.3.6)
      rack-protection (~> 1.2)
      tilt (~> 1.3, >= 1.3.3)
    syntax (1.0.0)
    thin (1.3.1)
      daemons (>= 1.0.9)
      eventmachine (>= 0.12.6)
      rack (>= 1.0.0)
    thor (0.14.6)
    tilt (1.3.3)

PLATFORMS
  ruby

DEPENDENCIES
  RedCloth
  bson_ext
  guard-livereload
  jekyll
  json
  liquid (= 2.2.2)
  mongo
  rake
  rb-fsevent
  rdiscount
  sinatra
  thin
